BrainVision Data Exchange Header File Version 1.0
; Data created by the BrainVision Recorder

[Common Infos]
Codepage=UTF-8
DataFile=emg0005.eeg
MarkerFile=emg0005.vmrk
DataFormat=BINARY
; Data orientation: MULTIPLEXED=ch1,pt1, ch2,pt1 ...
DataOrientation=MULTIPLEXED
NumberOfChannels=10
; Sampling interval in microseconds
SamplingInterval=400

[Binary Infos]
BinaryFormat=INT_16

[Channel Infos]
; Each entry: Ch<Channel number>=<Name>,<Reference channel name>,
; <Resolution in "Unit">,<Unit>, Future extensions..
; Fields are delimited by commas, some fields might be omitted (empty).
; Commas in channel names are coded as "\1".
Ch1=1,,0.1,µV
Ch2=2,,0.1,µV
Ch3=3,,0.1,µV
Ch4=4,,0.1,µV
Ch5=5,,0.1,µV
Ch6=6,,0.1,µV
Ch7=7,,0.1,µV
Ch8=8,,0.1,µV
Ch9=9,,0.1,µV
Ch10=10,,0.1,µV

[Comment]

BrainVision Recorder Professional   -   V. 1.25.0101


A m p l i f i e r  S e t u p
============================
Number of channels: 10
Sampling Rate [Hz]: 2500
Sampling Interval [µS]: 400

Channels
--------
#     Name      Phys. Chn.    Resolution / Unit   Low Cutoff [s]   High Cutoff [Hz]   Notch [Hz]    Series Res. [kOhm] Gradient         Offset
1     1           1                0.1 µV             10             1000              Off                0                 
2     2           2                0.1 µV             10             1000              Off                0                 
3     3           3                0.1 µV             10             1000              Off                0                 
4     4           4                0.1 µV             10             1000              Off                0                 
5     5           5                0.1 µV             10             1000              Off                0                 
6     6           6                0.1 µV             10             1000              Off                0                 
7     7           7                0.1 µV             10             1000              Off                0                 
8     8           8                0.1 µV             10             1000              Off                0                 
9     9           9                0.1 µV             10             1000              Off                0                 
10    10          10               0.1 µV             10             1000              Off                0                 

S o f t w a r e  F i l t e r s
==============================
Disabled


Data Electrodes Selected Impedance Measurement Range: 0 - 100 kOhm
Ground Electrode Selected Impedance Measurement Range: 0 - 100 kOhm
Reference Electrode Selected Impedance Measurement Range: 0 - 10 kOhm
Impedance [kOhm] at 15:49:09 :
1:           55
2:           67
3:           64
4:           66
5:           69
6:           61
7:           55
8:           52
9:           46
10:          60
Ref:          9
Gnd:      Out of Range!
